PATH
  remote: .
  specs:
    aoc (1.0.0)

GEM
  remote: https://rubygems.org/
  specs:
    amazing_print (1.6.0)
    ast (2.4.2)
    bigdecimal (3.1.8)
    coderay (1.1.3)
    diff-lcs (1.5.1)
    json (2.9.0)
    language_server-protocol (3.17.0.3)
    logger (1.6.3)
    method_source (1.1.0)
    oj (3.16.7)
      bigdecimal (>= 3.0)
      ostruct (>= 0.2)
    ostruct (0.6.1)
    ougai (2.0.0)
      oj (~> 3.10)
    parallel (1.26.3)
    parser (3.3.6.0)
      ast (~> 2.4.1)
      racc
    prism (1.2.0)
    profile (0.4.0)
    pry (0.15.0)
      coderay (~> 1.1)
      method_source (~> 1.0)
    racc (1.8.1)
    rainbow (3.1.1)
    rake (13.2.1)
    rbs (3.7.0)
      logger
    regexp_parser (2.9.3)
    rspec (3.13.0)
      rspec-core (~> 3.13.0)
      rspec-expectations (~> 3.13.0)
      rspec-mocks (~> 3.13.0)
    rspec-core (3.13.2)
      rspec-support (~> 3.13.0)
    rspec-expectations (3.13.3)
      diff-lcs (>= 1.2.0, < 2.0)
      rspec-support (~> 3.13.0)
    rspec-mocks (3.13.2)
      diff-lcs (>= 1.2.0, < 2.0)
      rspec-support (~> 3.13.0)
    rspec-support (3.13.2)
    rubocop (1.69.2)
      json (~> 2.3)
      language_server-protocol (>= 3.17.0)
      parallel (~> 1.10)
      parser (>= 3.3.0.2)
      rainbow (>= 2.2.2, < 4.0)
      regexp_parser (>= 2.9.3, < 3.0)
      rubocop-ast (>= 1.36.2, < 2.0)
      ruby-progressbar (~> 1.7)
      unicode-display_width (>= 2.4.0, < 4.0)
    rubocop-ast (1.37.0)
      parser (>= 3.3.1.0)
    rubocop-rake (0.6.0)
      rubocop (~> 1.0)
    rubocop-rspec (3.3.0)
      rubocop (~> 1.61)
    ruby-lsp (0.22.1)
      language_server-protocol (~> 3.17.0)
      prism (>= 1.2, < 2.0)
      rbs (>= 3, < 4)
      sorbet-runtime (>= 0.5.10782)
    ruby-progressbar (1.13.0)
    sorbet-runtime (0.5.11694)
    stackprof (0.2.26)
    tomlib (0.7.3)
      bigdecimal
    unicode-display_width (3.1.2)
      unicode-emoji (~> 4.0, >= 4.0.4)
    unicode-emoji (4.0.4)

PLATFORMS
  ruby
  x86_64-linux

DEPENDENCIES
  amazing_print (~> 1.6)
  aoc!
  ougai (~> 2.0)
  profile (~> 0.4.0)
  pry (~> 0.15.0)
  rake (~> 13.2, >= 13.2.1)
  rspec (~> 3.13)
  rubocop (~> 1.69, >= 1.69.2)
  rubocop-rake (~> 0.6.0)
  rubocop-rspec (~> 3.3)
  ruby-lsp (~> 0.22.1)
  stackprof (~> 0.2.26)
  tomlib (~> 0.7.3)

BUNDLED WITH
   2.5.22
